GEM
  remote: https://rubygems.org/
  specs:
    conceptual (0.0.1)

PLATFORMS
  ruby

DEPENDENCIES
  conceptual (= 0.0.1)

BUNDLED WITH
   1.15.1
